NUGET
  remote: https://www.nuget.org/api/v2
    FParsec (1.0.2)
    FSharp.Core (4.0.0.1) - redirects: force
    Hopac (0.2.1)
      FSharp.Core (>= 3.1.2.5)
    Logary (4.0.17)
      FParsec (>= 1.0.2)
      FSharp.Core (>= 4.0.0.1)
      Hopac (>= 0.2.1)
      NodaTime (>= 1.3.2)
    Logary.Adapters.Suave (4.0.17)
      FSharp.Core (>= 4.0.0.1)
      Hopac (>= 0.2.1)
      Logary (>= 4.0.17)
      NodaTime (>= 1.3.2)
      Suave (>= 1.1.2)
    Logary.WinPerfCounters (4.0.17)
      FSharp.Core (>= 4.0.0.1)
      Hopac (>= 0.2.1)
      Logary (>= 4.0.17)
      NodaTime (>= 1.3.2)
    NodaTime (1.3.2)
    Suave (1.1.3)
      FSharp.Core (>= 3.1.2.5)

GROUP Build
NUGET
  remote: https://www.nuget.org/api/v2
    FAKE (4.29.2)
    FSharp.Compiler.Service (2.0.0.6)
    FSharp.Formatting (2.14.4)
      FSharp.Compiler.Service (2.0.0.6)
      FSharpVSPowerTools.Core (>= 2.3 < 2.4)
    FSharpVSPowerTools.Core (2.3)
      FSharp.Compiler.Service (>= 2.0.0.3)
    Microsoft.Bcl (1.1.10) - framework: net10, net11, net20, net30, net35, net40, net40-full
      Microsoft.Bcl.Build (>= 1.0.14)
    Microsoft.Bcl.Build (1.0.21) - import_targets: false, framework: net10, net11, net20, net30, net35, net40, net40-full
    Microsoft.Net.Http (2.2.29) - framework: net10, net11, net20, net30, net35, net40, net40-full
      Microsoft.Bcl (>= 1.1.10)
      Microsoft.Bcl.Build (>= 1.0.14)
    Octokit (0.20)
      Microsoft.Net.Http  - framework: net10, net11, net20, net30, net35, net40, net40-full
    SourceLink.Fake (1.1)
GITHUB
  remote: fsharp/FAKE
    modules/Octokit/Octokit.fsx (c56456abac6b744c3bb95b217687db19fd19b367)
      Octokit
GROUP Test
NUGET
  remote: https://www.nuget.org/api/v2
    NUnit (2.6.4)
    NUnit.Runners (2.6.4)
